GEM
  remote: http://rubygems.org/
  specs:
    cgi-exception (0.3.0)
    sqlite3 (1.3.6)

PLATFORMS
  ruby

DEPENDENCIES
  cgi-exception
  sqlite3
